GIT
  remote: git://github.com/k0kubun/itamae.git
  revision: 87dfc32baa34a84d23fc4e9b9277e0f29076da84
  specs:
    itamae (1.1.0)
      ansi
      hashie
      specinfra (~> 2.1)
      thor

GIT
  remote: git://github.com/k0kubun/specinfra.git
  revision: 2ba4b0f873f9aebc115051c6543c3ebfa8d48663
  specs:
    specinfra (2.10.4)
      net-scp
      net-ssh

GEM
  remote: https://rubygems.org/
  specs:
    ansi (1.4.3)
    byebug (3.5.1)
      columnize (~> 0.8)
      debugger-linecache (~> 1.2)
      slop (~> 3.6)
    coderay (1.1.0)
    columnize (0.9.0)
    debugger-linecache (1.2.0)
    hashie (3.3.2)
    itamae-plugin-recipe-rbenv (0.0.1)
    method_source (0.8.2)
    net-scp (1.2.1)
      net-ssh (>= 2.6.5)
    net-ssh (2.9.1)
    pry (0.10.1)
      coderay (~> 1.1.0)
      method_source (~> 0.8.1)
      slop (~> 3.4)
    pry-byebug (2.0.0)
      byebug (~> 3.4)
      pry (~> 0.10)
    pry-doc (0.6.0)
      pry (~> 0.9)
      yard (~> 0.8)
    rake (10.4.2)
    slop (3.6.0)
    thor (0.19.1)
    yard (0.8.7.6)

PLATFORMS
  ruby

DEPENDENCIES
  itamae!
  itamae-plugin-recipe-rbenv
  pry
  pry-byebug
  pry-doc
  rake
  specinfra!
